GEM
  remote: https://rubygems.org/
  specs:
    addressable (2.3.6)
    data_objects (0.10.14)
      addressable (~> 2.1)
    dm-core (1.2.1)
      addressable (~> 2.3)
    dm-do-adapter (1.2.0)
      data_objects (~> 0.10.6)
      dm-core (~> 1.2.0)
    dm-sqlite-adapter (1.2.0)
      dm-do-adapter (~> 1.2.0)
      do_sqlite3 (~> 0.10.6)
    do_sqlite3 (0.10.14)
      data_objects (= 0.10.14)
    nancy (0.3.0)
      rack
      tilt
    rack (1.5.2)
    tilt (2.0.1)

PLATFORMS
  ruby

DEPENDENCIES
  dm-core
  dm-sqlite-adapter
  nancy
